GEM
  remote: https://rubygems.org/
  specs:
    byebug (11.0.1)
    coderay (1.1.2)
    method_source (0.9.2)
    pry (0.12.2)
      coderay (~> 1.1.0)
      method_source (~> 0.9.0)
    rake (13.0.1)

PLATFORMS
  ruby

DEPENDENCIES
  byebug
  pry
  rake (~> 13.0)

RUBY VERSION
   ruby 2.7.0p0

BUNDLED WITH
   2.1.2
